NUGET
  remote: https://nuget.org/api/v2
  specs:
    FSharp.Core (4.0.0.1)
    fszmq (12.1.1)
      FSharp.Core
